NUGET
  remote: https://www.nuget.org/api/v2
    FAKE (4.45.3)
    NUnit (3.5)
GITHUB
  remote: xyncro/aether
    src/Aether/Aether.fs (2e7b07104c47a02d5e92ff5eda0bc950ef57ae2e)